PATH
  remote: .
  specs:
    free_agent (0.1.0)
      activesupport
      crack
      mash
      rest-client

GEM
  remote: http://rubygems.org/
  specs:
    activesupport (3.0.3)
    crack (0.1.8)
    i18n (0.5.0)
    mash (0.1.1)
    mime-types (1.16)
    rest-client (1.6.1)
      mime-types (>= 1.16)

PLATFORMS
  ruby

DEPENDENCIES
  free_agent!
  i18n
